GEM
  remote: http://rubygems.org/
  specs:
    nokogiri (1.4.4)
    pdfkit (0.5.0)

PLATFORMS
  ruby

DEPENDENCIES
  nokogiri
  pdfkit
